GEM
  remote: http://rubygems.org/
  specs:
    celluloid (0.12.4)
      facter (>= 1.6.12)
      timers (>= 1.0.0)
    columnize (0.3.6)
    debugger (1.3.1)
      columnize (>= 0.3.1)
      debugger-linecache (~> 1.1.1)
      debugger-ruby_core_source (~> 1.1.8)
    debugger-linecache (1.1.2)
      debugger-ruby_core_source (>= 1.1.1)
    debugger-ruby_core_source (1.1.8)
    facter (1.6.17)
    lspace (0.6)
    ruby_cop (1.0.5)
    timers (1.1.0)

PLATFORMS
  ruby

DEPENDENCIES
  celluloid
  debugger
  lspace
  ruby_cop
