GEM
  remote: http://rubygems.org/
  specs:
    celluloid (0.12.4)
      facter (>= 1.6.12)
      timers (>= 1.0.0)
    facter (1.6.17)
    lspace (0.6)
    timers (1.1.0)

PLATFORMS
  ruby

DEPENDENCIES
  celluloid
  lspace
